GIT
  remote: https://github.com/HomeBusProjects/ruby-homebus
  revision: 64d64f26adf2e82d4c8cb7219bdd534f2275f817
  specs:
    homebus (0.3.1)

GEM
  remote: https://rubygems.org/
  specs:
    mqtt (0.5.0)
    snmp (1.3.1)

PLATFORMS
  ruby

DEPENDENCIES
  homebus!
  mqtt
  snmp

BUNDLED WITH
   2.0.1
